GEM
  remote: http://rubygems.org/
  specs:
    git (1.2.5)
    haml (3.0.18)
    rack (1.2.1)
    rake (0.8.7)
    rspec (1.3.0)
    sinatra (1.0)
      rack (>= 1.0)

PLATFORMS
  ruby

DEPENDENCIES
  git (>= 1.0.5)
  haml
  rake
  rspec
  sinatra
